GEM
  remote: https://rubygems.org/
  specs:
    better_errors (1.1.0)
      coderay (>= 1.0.0)
      erubis (>= 2.6.6)
    coderay (1.1.0)
    coffee-script (2.2.0)
      coffee-script-source
      execjs
    coffee-script-source (1.7.0)
    erubis (2.7.0)
    excon (0.32.1)
    execjs (2.0.2)
    rack (1.5.2)
    rack-protection (1.5.3)
      rack
    rake (10.2.2)
    sass (3.3.4)
    sinatra (1.3.6)
      rack (~> 1.4)
      rack-protection (~> 1.3)
      tilt (~> 1.3, >= 1.3.3)
    tilt (1.4.1)

PLATFORMS
  ruby

DEPENDENCIES
  better_errors
  coffee-script
  excon
  rake
  sass
  sinatra (~> 1.3.0)
